GEM
  remote: http://rubygems.org/
  specs:
    choice (0.2.0)
    git (1.2.9.1)

PLATFORMS
  java
  ruby

DEPENDENCIES
  choice
  git
